PATH
  remote: .
  specs:
    stat_mon (0.0.1)
      eventmachine (>= 0.12.10)

GEM
  specs:
    diff-lcs (1.1.2)
    eventmachine (0.12.10)
    rspec (2.0.1)
      rspec-core (~> 2.0.1)
      rspec-expectations (~> 2.0.1)
      rspec-mocks (~> 2.0.1)
    rspec-core (2.0.1)
    rspec-expectations (2.0.1)
      diff-lcs (>= 1.1.2)
    rspec-mocks (2.0.1)
      rspec-core (~> 2.0.1)
      rspec-expectations (~> 2.0.1)

PLATFORMS
  ruby

DEPENDENCIES
  eventmachine (>= 0.12.10)
  rspec (>= 2.0.0)
  stat_mon!
